PATH
  remote: .
  specs:
    ione-rpc (1.0.0)
      ione (~> 1, >= 1.2)

GEM
  remote: https://rubygems.org/
  specs:
    coveralls (0.7.0)
      multi_json (~> 1.3)
      rest-client
      simplecov (>= 0.7)
      term-ansicolor
      thor
    diff-lcs (1.2.5)
    docile (1.1.3)
    ione (1.2.0)
    mime-types (2.2)
    multi_json (1.9.2)
    rake (0.9.6)
    redcarpet (3.1.1)
    rest-client (1.6.7)
      mime-types (>= 1.16)
    rspec (2.14.1)
      rspec-core (~> 2.14.0)
      rspec-expectations (~> 2.14.0)
      rspec-mocks (~> 2.14.0)
    rspec-core (2.14.8)
    rspec-expectations (2.14.5)
      diff-lcs (>= 1.1.3, < 2.0)
    rspec-mocks (2.14.6)
    simplecov (0.8.2)
      docile (~> 1.1.0)
      multi_json
      simplecov-html (~> 0.8.0)
    simplecov-html (0.8.0)
    term-ansicolor (1.3.0)
      tins (~> 1.0)
    thor (0.19.1)
    tins (1.1.0)
    yard (0.8.7.4)

PLATFORMS
  java
  ruby

DEPENDENCIES
  coveralls
  ione-rpc!
  rake
  redcarpet
  rspec
  simplecov
  yard
